GEM
  remote: https://rubygems.org/
  specs:
    activemodel (7.1.1)
      activesupport (= 7.1.1)
    activerecord (7.1.1)
      activemodel (= 7.1.1)
      activesupport (= 7.1.1)
      timeout (>= 0.4.0)
    activesupport (7.1.1)
      base64
      bigdecimal
      concurrent-ruby (~> 1.0, >= 1.0.2)
      connection_pool (>= 2.2.5)
      drb
      i18n (>= 1.6, < 2)
      minitest (>= 5.1)
      mutex_m
      tzinfo (~> 2.0)
    ast (2.4.2)
    base64 (0.1.1)
    bigdecimal (3.1.4)
    coderay (1.1.3)
    concurrent-ruby (1.2.2)
    connection_pool (2.4.1)
    debug (1.8.0)
      irb (>= 1.5.0)
      reline (>= 0.3.1)
    drb (2.1.1)
      ruby2_keywords
    dry-core (1.0.1)
      concurrent-ruby (~> 1.0)
      zeitwerk (~> 2.6)
    dry-inflector (1.0.0)
    dry-logic (1.5.0)
      concurrent-ruby (~> 1.0)
      dry-core (~> 1.0, < 2)
      zeitwerk (~> 2.6)
    dry-struct (1.6.0)
      dry-core (~> 1.0, < 2)
      dry-types (>= 1.7, < 2)
      ice_nine (~> 0.11)
      zeitwerk (~> 2.6)
    dry-types (1.7.1)
      concurrent-ruby (~> 1.0)
      dry-core (~> 1.0)
      dry-inflector (~> 1.0)
      dry-logic (~> 1.4)
      zeitwerk (~> 2.6)
    faraday (2.7.11)
      base64
      faraday-net_http (>= 2.0, < 3.1)
      ruby2_keywords (>= 0.0.4)
    faraday-multipart (1.0.4)
      multipart-post (~> 2)
    faraday-net_http (3.0.2)
    i18n (1.14.1)
      concurrent-ruby (~> 1.0)
    ice_nine (0.11.2)
    io-console (0.6.0)
    irb (1.8.3)
      rdoc
      reline (>= 0.3.8)
    json (2.6.3)
    language_server-protocol (3.17.0.3)
    method_source (1.0.0)
    minitest (5.20.0)
    multipart-post (2.3.0)
    mutex_m (0.1.2)
    parallel (1.23.0)
    parser (3.2.2.4)
      ast (~> 2.4.1)
      racc
    pry (0.14.2)
      coderay (~> 1.1)
      method_source (~> 1.0)
    psych (5.1.1.1)
      stringio
    racc (1.7.3)
    rainbow (3.1.1)
    rake (13.1.0)
    rb-readline (0.5.5)
    rdoc (6.5.0)
      psych (>= 4.0.0)
    regexp_parser (2.8.2)
    reline (0.3.9)
      io-console (~> 0.5)
    rexml (3.2.6)
    rubocop (1.57.2)
      json (~> 2.3)
      language_server-protocol (>= 3.17.0)
      parallel (~> 1.10)
      parser (>= 3.2.2.4)
      rainbow (>= 2.2.2, < 4.0)
      regexp_parser (>= 1.8, < 3.0)
      rexml (>= 3.2.5, < 4.0)
      rubocop-ast (>= 1.28.1, < 2.0)
      ruby-progressbar (~> 1.7)
      unicode-display_width (>= 2.4.0, < 3.0)
    rubocop-ast (1.30.0)
      parser (>= 3.2.1.0)
    rubocop-minitest (0.33.0)
      rubocop (>= 1.39, < 2.0)
    rubocop-performance (1.19.1)
      rubocop (>= 1.7.0, < 2.0)
      rubocop-ast (>= 0.4.0)
    rubocop-rake (0.6.0)
      rubocop (~> 1.0)
    ruby-prof (1.6.3)
    ruby-progressbar (1.13.0)
    ruby2_keywords (0.0.5)
    sqlite3 (1.6.8-x86_64-linux)
    stringio (3.0.8)
    telegram-bot-ruby (1.0.0)
      dry-struct (~> 1.6)
      faraday (~> 2.0)
      faraday-multipart (~> 1.0)
      zeitwerk (~> 2.6)
    timeout (0.4.0)
    tzinfo (2.0.6)
      concurrent-ruby (~> 1.0)
    unicode-display_width (2.5.0)
    yard (0.9.34)
    zeitwerk (2.6.12)

PLATFORMS
  x86_64-linux

DEPENDENCIES
  activerecord (~> 7.1, >= 7.1.1)
  activesupport (~> 7.1, >= 7.1.1)
  debug
  i18n (~> 1.14, >= 1.14.1)
  minitest (~> 5.20)
  parser (~> 3.1, >= 3.1.2.0)
  pry (~> 0.14.1)
  rake (~> 13.1)
  rb-readline (~> 0.5.5)
  rubocop
  rubocop-minitest
  rubocop-performance
  rubocop-rake
  ruby-prof (~> 1.4, >= 1.4.3)
  sqlite3 (~> 1.6, >= 1.6.8)
  telegram-bot-ruby (~> 1.0)
  yard

RUBY VERSION
   ruby 3.1.2p20

BUNDLED WITH
   2.3.10
